GEM
  remote: https://rubygems.org/
  specs:
    activesupport (3.2.15)
      i18n (~> 0.6, >= 0.6.4)
      multi_json (~> 1.0)
    awesome_print_motion (0.1.0)
    bubble-wrap (1.4.0)
    colored (1.2)
    i18n (0.6.5)
    ib (0.4.2)
      thor (>= 0.15.4)
      tilt (>= 1.4.1)
      xcodeproj (>= 0.11.1)
    multi_json (1.8.2)
    rake (10.1.0)
    thor (0.18.1)
    tilt (1.4.1)
    xcodeproj (0.14.0)
      activesupport (~> 3.0)
      colored (~> 1.2)

PLATFORMS
  ruby

DEPENDENCIES
  awesome_print_motion
  bubble-wrap (= 1.4.0)
  ib
  rake
